GEM
  remote: https://rubygems.org/
  specs:
    mote (1.3.0)
    rack (2.0.3)
    seg (1.2.0)
    shotgun (0.9.2)
      rack (>= 1.0)
    syro (3.0.1)
      rack (>= 1.6.0)
      seg

PLATFORMS
  ruby

DEPENDENCIES
  mote
  shotgun
  syro

BUNDLED WITH
   1.16.0
